GEM
  remote: https://rubygems.org/
  specs:
    haml (3.0.25)
    rdiscount (2.1.7)

PLATFORMS
  ruby

DEPENDENCIES
  haml
  rdiscount
