GEM
  remote: http://rubygems.org/
  specs:
    haml (3.0.25)

PLATFORMS
  ruby

DEPENDENCIES
  haml
